GIT
  remote: git://github.com/sinatra/sinatra.git
  revision: 08373e8890a85459c0326ebd98b1292fcc79ec80
  specs:
    sinatra (1.4.0)
      rack (~> 1.4)
      rack-protection (~> 1.3)
      tilt (~> 1.3, >= 1.3.3)

GEM
  remote: https://gems.gemfury.com/yUbNQe5tpyPwziSBLoGK/
  remote: http://rubygems.org/
  specs:
    addressable (2.2.8)
    archive-tar-minitar (0.5.2)
    bcrypt-ruby (3.0.1)
    bson (1.5.2)
    bson_ext (1.5.2)
      bson (= 1.5.2)
    columnize (0.3.6)
    daemons (1.1.9)
    data_mapper (1.2.0)
      dm-aggregates (~> 1.2.0)
      dm-constraints (~> 1.2.0)
      dm-core (~> 1.2.0)
      dm-migrations (~> 1.2.0)
      dm-serializer (~> 1.2.0)
      dm-timestamps (~> 1.2.0)
      dm-transactions (~> 1.2.0)
      dm-types (~> 1.2.0)
      dm-validations (~> 1.2.0)
    data_objects (0.10.8)
      addressable (~> 2.1)
    dm-aggregates (1.2.0)
      dm-core (~> 1.2.0)
    dm-constraints (1.2.0)
      dm-core (~> 1.2.0)
    dm-core (1.2.0)
      addressable (~> 2.2.6)
    dm-do-adapter (1.2.0)
      data_objects (~> 0.10.6)
      dm-core (~> 1.2.0)
    dm-migrations (1.2.0)
      dm-core (~> 1.2.0)
    dm-postgres-adapter (1.2.0)
      dm-do-adapter (~> 1.2.0)
      do_postgres (~> 0.10.6)
    dm-serializer (1.2.0)
      dm-core (~> 1.2.0)
      fastercsv (~> 1.5.4)
      json (~> 1.5.4)
      json_pure (~> 1.5.4)
      multi_json (~> 1.0.3)
    dm-timestamps (1.2.0)
      dm-core (~> 1.2.0)
    dm-transactions (1.2.0)
      dm-core (~> 1.2.0)
    dm-types (1.2.0)
      bcrypt-ruby (~> 3.0.0)
      dm-core (~> 1.2.0)
      fastercsv (~> 1.5.4)
      json (~> 1.5.4)
      multi_json (~> 1.0.3)
      stringex (~> 1.3.0)
      uuidtools (~> 2.1.2)
    dm-validations (1.2.0)
      dm-core (~> 1.2.0)
    do_postgres (0.10.8)
      data_objects (= 0.10.8)
    eventmachine (1.0.0)
    faraday (0.8.4)
      multipart-post (~> 1.1)
    fastercsv (1.5.5)
    foreman (0.60.2)
      thor (>= 0.13.6)
    gdata_19 (1.1.5)
    google_drive (0.3.1)
      nokogiri (>= 1.4.4, != 1.5.2, != 1.5.1)
      oauth (>= 0.3.6)
      oauth2 (>= 0.5.0)
    httpauth (0.2.0)
    i18n (0.6.1)
    json (1.5.4)
    json_pure (1.5.4)
      spruz (~> 0.2.8)
    jwt (0.1.5)
      multi_json (>= 1.0)
    kgio (2.7.4)
    linecache19 (0.5.12)
      ruby_core_source (>= 0.1.4)
    macaddr (1.6.1)
      systemu (~> 2.5.0)
    mail (2.5.3)
      i18n (>= 0.4.0)
      mime-types (~> 1.16)
      treetop (~> 1.4.8)
    mime-types (1.19)
    mongo (1.5.2)
      bson (= 1.5.2)
    multi_json (1.0.4)
    multipart-post (1.1.5)
    nokogiri (1.5.6)
    oauth (0.4.7)
    oauth2 (0.8.0)
      faraday (~> 0.8)
      httpauth (~> 0.1)
      jwt (~> 0.1.4)
      multi_json (~> 1.0)
      rack (~> 1.2)
    pg (0.13.2)
    polyglot (0.3.3)
    pony (1.4)
      mail (> 2.0)
    r18n-core (0.4.9)
    rack (1.4.1)
    rack-protection (1.3.2)
      rack
    raindrops (0.10.0)
    rake (10.0.3)
    rmagick (2.13.1)
    ruby-debug-base19 (0.11.25)
      columnize (>= 0.3.1)
      linecache19 (>= 0.5.11)
      ruby_core_source (>= 0.1.4)
    ruby-debug19 (0.11.6)
      columnize (>= 0.3.1)
      linecache19 (>= 0.5.11)
      ruby-debug-base19 (>= 0.11.19)
    ruby_core_source (0.1.5)
      archive-tar-minitar (>= 0.5.2)
    sinatra-flash (0.3.0)
      sinatra (>= 1.0.0)
    sinatra-r18n (0.4.9)
      r18n-core (= 0.4.9)
    spruz (0.2.13)
    stringex (1.3.3)
    systemu (2.5.2)
    thin (1.5.0)
      daemons (>= 1.0.9)
      eventmachine (>= 0.12.6)
      rack (>= 1.0.0)
    thor (0.16.0)
    tilt (1.3.3)
    tlsmail (0.0.1)
    treetop (1.4.12)
      polyglot
      polyglot (>= 0.3.1)
    unicode_utils (1.4.0)
    unicorn (4.5.0)
      kgio (~> 2.6)
      rack
      raindrops (~> 0.7)
    uuid (2.3.5)
      macaddr (~> 1.0)
    uuidtools (2.1.3)
    warden (1.0.5)
      rack (>= 1.0)
    ysd-persistence (0.2.0)
      mongo
      ysd_md_comparison
      ysd_md_system
    ysd_core_plugins (0.2.11)
      data_mapper (= 1.2.0)
      json
      sinatra (~> 1.3)
      ysd_md_configuration
    ysd_core_themes (0.2.0)
    ysd_md_attachment (0.2.0)
      data_mapper (= 1.2.0)
      google_drive (= 0.3.1)
      mime-types (= 1.19)
      ysd-persistence
      ysd_core_plugins
      ysd_md_integration
    ysd_md_audit (0.2.1)
      data_mapper (= 1.2.0)
      ysd-persistence (>= 0.2.0)
    ysd_md_business_events (0.2.0)
      data_mapper (= 1.2.0)
    ysd_md_cms (0.2.11)
      data_mapper (= 1.2.0)
      unicode_utils
      uuid (= 2.3.5)
      ysd-persistence
      ysd_core_plugins
      ysd_md_audit
      ysd_md_comparison
      ysd_md_profile
      ysd_md_rac
      ysd_md_translation
    ysd_md_comparison (0.2.0)
    ysd_md_configuration (0.2.0)
      data_mapper (= 1.2.0)
    ysd_md_fieldset (0.2.0)
      ysd_core_plugins
    ysd_md_integration (0.2.0)
      data_mapper (= 1.2.0)
    ysd_md_location (0.2.0)
      data_mapper (= 1.2.0)
      ysd_core_plugins
    ysd_md_logger (0.2.0)
      data_mapper (= 1.2.0)
      ysd_md_configuration
    ysd_md_mail (0.2.0)
      data_mapper (= 1.2.0)
      ysd_md_business_events
    ysd_md_photo_gallery (0.2.4)
      data_mapper (= 1.2.0)
      gdata_19 (= 1.1.5)
      json
      rmagick (= 2.13.1)
      ysd_core_plugins
      ysd_md_configuration
      ysd_md_integration
    ysd_md_profile (0.2.1)
      data_mapper (= 1.2.0)
      ysd-persistence
      ysd_core_plugins
      ysd_md_business_events
      ysd_md_comparison
      ysd_md_configuration
    ysd_md_rac (0.2.0)
      ysd_md_comparison
      ysd_md_system
    ysd_md_system (0.2.0)
    ysd_md_translation (0.2.0)
      data_mapper (= 1.2.0)
    ysd_plugin_aspects (0.1.32)
      ysd_core_plugins
      ysd_core_themes
      ysd_yito_core
      ysd_yito_js
    ysd_plugin_attachment (0.1.1)
      mime-types (= 1.19)
      ysd_core_plugins
      ysd_md_attachment
    ysd_plugin_audit (0.1)
      ysd_core_plugins
      ysd_md_audit
    ysd_plugin_auth (0.1.6)
      sinatra-flash
      warden
      ysd_core_plugins
      ysd_core_themes
      ysd_plugin_cms
      ysd_plugin_profile
    ysd_plugin_background (0.1.2)
      ysd_md_configuration
    ysd_plugin_cms (0.1.58)
      json
      ysd_core_plugins
      ysd_core_themes
      ysd_md_cms (>= 0.2.0)
      ysd_plugin_aspects
      ysd_yito_core
      ysd_yito_js
    ysd_plugin_community (0.1.1)
      ysd_core_plugins
      ysd_core_themes
      ysd_plugin_cms
      ysd_plugin_media_gallery
      ysd_plugin_profile
      ysd_yito_core
      ysd_yito_js
    ysd_plugin_configuration (0.1.2)
      json
      ysd_core_plugins
      ysd_md_configuration
      ysd_yito_core
    ysd_plugin_contact (0.1.2)
      ysd_core_plugins
      ysd_md_fieldset
      ysd_md_mail
      ysd_yito_core
      ysd_yito_js
    ysd_plugin_education_employment (0.1.1)
      ysd_core_plugins
      ysd_md_fieldset
      ysd_yito_core
      ysd_yito_js
    ysd_plugin_errors (0.1.1)
      ysd_yito_core
    ysd_plugin_event (0.1.1)
      ysd_core_plugins
      ysd_md_fieldset
      ysd_yito_core
      ysd_yito_js
    ysd_plugin_forum (0.1)
      json
      ysd_core_plugins
      ysd_md_mail
      ysd_plugin_cms
      ysd_plugin_mail
    ysd_plugin_hobbies (0.1.1)
      ysd_core_plugins
      ysd_md_fieldset
    ysd_plugin_integration (0.1)
      json
      ysd_core_plugins
      ysd_md_integration
      ysd_plugin_cms
    ysd_plugin_language (0.1.1)
      ysd_plugin_cms
    ysd_plugin_location (0.1.2)
      ysd_core_plugins
      ysd_md_cms (>= 0.2.0)
      ysd_md_fieldset (>= 0.2.0)
      ysd_yito_core
    ysd_plugin_mail (0.1)
      json
      ysd_core_plugins
      ysd_core_themes
      ysd_md_mail
      ysd_plugin_cms
    ysd_plugin_media_gallery (0.1.42)
      json
      uuid (= 2.3.5)
      ysd_core_plugins
      ysd_core_themes
      ysd_md_configuration
      ysd_md_photo_gallery
      ysd_yito_core
      ysd_yito_js
    ysd_plugin_profile (0.1.6)
      json
      sinatra-r18n (= 0.4.9)
      warden (= 1.0.5)
      ysd_core_plugins
      ysd_core_themes
      ysd_md_configuration
      ysd_md_profile
      ysd_service_postal
      ysd_service_template
      ysd_yito_core
      ysd_yito_js
    ysd_plugin_rca (0.1)
      ysd_core_plugins
      ysd_md_fieldset
      ysd_yito_core
    ysd_plugin_system (0.1)
      ysd_md_business_events
      ysd_md_configuration
      ysd_md_logger
      ysd_md_system
      ysd_plugin_auth
      ysd_plugin_cms
    ysd_plugin_translation (0.1.3)
      json
      ysd_md_translation
      ysd_plugin_cms
    ysd_service_postal (0.1)
      pony (~> 1.3)
      tlsmail (~> 0.0.1)
    ysd_service_template (0.1)
    ysd_yito (0.1.14)
      json (= 1.5.4)
      rack
      sinatra
      sinatra-r18n (= 0.4.9)
      thor
      tilt
      ysd-persistence (>= 0.2.0)
      ysd_core_plugins (>= 0.2.0)
      ysd_core_themes (>= 0.2.0)
      ysd_yito_core (>= 0.1)
      ysd_yito_js (>= 0.1)
    ysd_yito_core (0.1.26)
      tilt
      ysd_core_plugins
      ysd_core_themes
    ysd_yito_js (0.1.24)
      ysd_core_themes

PLATFORMS
  ruby

DEPENDENCIES
  bson (= 1.5.2)
  bson_ext (= 1.5.2)
  dm-postgres-adapter (= 1.2.0)
  do_postgres (= 0.10.8)
  foreman
  mongo (= 1.5.2)
  pg (= 0.13.2)
  rake
  ruby-debug19
  sinatra!
  sinatra-flash
  thin
  unicorn
  ysd_md_attachment (>= 0.2.0)
  ysd_md_audit (>= 0.2.0)
  ysd_md_business_events (>= 0.2.0)
  ysd_md_cms (>= 0.2.0)
  ysd_md_comparison (>= 0.2.0)
  ysd_md_configuration (>= 0.2.0)
  ysd_md_fieldset (>= 0.2.0)
  ysd_md_integration (>= 0.2.0)
  ysd_md_location (>= 0.2.0)
  ysd_md_logger (>= 0.2.0)
  ysd_md_mail (>= 0.2.0)
  ysd_md_photo_gallery (>= 0.2.0)
  ysd_md_profile (>= 0.2.0)
  ysd_md_rac (>= 0.2.0)
  ysd_md_system (>= 0.2.0)
  ysd_md_translation (>= 0.2.0)
  ysd_plugin_aspects (>= 0.1)
  ysd_plugin_attachment (>= 0.1)
  ysd_plugin_audit (>= 0.1)
  ysd_plugin_auth (>= 0.1)
  ysd_plugin_background (>= 0.1)
  ysd_plugin_cms (>= 0.1)
  ysd_plugin_community (>= 0.1)
  ysd_plugin_configuration (>= 0.1)
  ysd_plugin_contact (>= 0.1)
  ysd_plugin_education_employment (>= 0.1)
  ysd_plugin_errors (>= 0.1)
  ysd_plugin_event (>= 0.1)
  ysd_plugin_forum (>= 0.1)
  ysd_plugin_hobbies (>= 0.1)
  ysd_plugin_integration (>= 0.1)
  ysd_plugin_language (>= 0.1)
  ysd_plugin_location (>= 0.1)
  ysd_plugin_mail (>= 0.1)
  ysd_plugin_media_gallery (>= 0.1)
  ysd_plugin_profile (>= 0.1)
  ysd_plugin_rca (>= 0.1)
  ysd_plugin_system (>= 0.1)
  ysd_plugin_translation (>= 0.1)
  ysd_yito (>= 0.1.7)
